PATH
  remote: .
  specs:
    Tradeking API wrapper (0.0.2)
      json
      oauth

GEM
  remote: http://rubygems.org/
  specs:
    json (1.8.1)
    oauth (0.4.7)
    rake (10.1.0)
    rdoc (4.0.1)
      json (~> 1.4)

PLATFORMS
  ruby

DEPENDENCIES
  Tradeking API wrapper!
  rake
  rdoc
